GEM
  remote: https://rubygems.org/
  specs:
    nio4r (2.5.8)
    puma (5.5.0)
      nio4r (~> 2.0)

PLATFORMS
  x86_64-darwin-19

DEPENDENCIES
  puma

RUBY VERSION
   ruby 3.0.0p0

BUNDLED WITH
   2.2.26
